GEM
  remote: http://rubygems.org/
  specs:
    expectation (0.3.1)
    power_assert (0.1.4)
    rake (10.3.2)
    test-unit (3.0.4)
      power_assert

PLATFORMS
  ruby

DEPENDENCIES
  expectation
  rake
  test-unit
