GEM
  remote: http://rubygems.org/
  specs:
    columnize (0.3.6)
    debugger (1.6.0)
      columnize (>= 0.3.1)
      debugger-linecache (~> 1.2.0)
      debugger-ruby_core_source (~> 1.2.1)
    debugger-linecache (1.2.0)
    debugger-ruby_core_source (1.2.2)
    expectation (0.3.1)
    rake (10.0.4)
    test-unit (2.5.5)

PLATFORMS
  ruby

DEPENDENCIES
  debugger
  expectation
  rake
  test-unit
